STORAGE: NONE
RESTRICTION: || (== net5.0) (== netstandard2.0) (== netstandard2.1)
NUGET
  remote: https://api.nuget.org/v3/index.json
    BenchmarkDotNet (0.13.1)
      BenchmarkDotNet.Annotations (>= 0.13.1)
      CommandLineParser (>= 2.4.3)
      Iced (>= 1.8)
      Microsoft.CodeAnalysis.CSharp (>= 2.10)
      Microsoft.Diagnostics.NETCore.Client (>= 0.2.61701)
      Microsoft.Diagnostics.Runtime (>= 1.1.126102)
      Microsoft.Diagnostics.Tracing.TraceEvent (>= 2.0.61)
      Microsoft.DotNet.PlatformAbstractions (>= 2.1)
      Microsoft.Win32.Registry (>= 4.5)
      Perfolizer (>= 0.2.1)
      System.Management (>= 4.5)
      System.Reflection.Emit (>= 4.3)
      System.Reflection.Emit.Lightweight (>= 4.3)
      System.Threading.Tasks.Extensions (>= 4.5.2)
      System.ValueTuple (>= 4.5)
    BenchmarkDotNet.Annotations (0.13.1)
    CommandLineParser (2.8)
    Iced (1.14)
    Microsoft.Bcl.AsyncInterfaces (5.0)
      System.Threading.Tasks.Extensions (>= 4.5.4) - restriction: || (&& (== net5.0) (>= net461)) (&& (== net5.0) (< netcoreapp2.1) (< netstandard2.1)) (== netstandard2.0) (&& (== netstandard2.1) (>= net461))
    Microsoft.CodeAnalysis.Analyzers (3.3.2)
    Microsoft.CodeAnalysis.Common (3.11)
      Microsoft.CodeAnalysis.Analyzers (>= 3.3.2)
      System.Collections.Immutable (>= 5.0)
      System.Memory (>= 4.5.4)
      System.Reflection.Metadata (>= 5.0)
      System.Runtime.CompilerServices.Unsafe (>= 5.0)
      System.Text.Encoding.CodePages (>= 4.5.1)
      System.Threading.Tasks.Extensions (>= 4.5.4)
    Microsoft.CodeAnalysis.CSharp (3.11)
      Microsoft.CodeAnalysis.Common (3.11)
    Microsoft.Diagnostics.NETCore.Client (0.2.236902)
      Microsoft.Bcl.AsyncInterfaces (>= 1.1)
      Microsoft.Extensions.Logging (>= 2.1.1)
    Microsoft.Diagnostics.Runtime (2.0.226801)
      Microsoft.Diagnostics.NETCore.Client (>= 0.2.221401)
      System.Buffers (>= 4.5.1)
      System.Collections.Immutable (>= 5.0)
      System.Memory (>= 4.5.4)
      System.Reflection.Metadata (>= 5.0)
      System.Runtime.CompilerServices.Unsafe (>= 4.5.3)
    Microsoft.Diagnostics.Tracing.TraceEvent (2.0.71)
      System.Runtime.CompilerServices.Unsafe (>= 4.5.2)
    Microsoft.DotNet.PlatformAbstractions (3.1.6)
    Microsoft.Extensions.DependencyInjection (5.0.2)
      Microsoft.Bcl.AsyncInterfaces (>= 5.0) - restriction: || (&& (== net5.0) (>= net461)) (&& (== net5.0) (< netstandard2.1)) (== netstandard2.0) (&& (== netstandard2.1) (>= net461))
      Microsoft.Extensions.DependencyInjection.Abstractions (>= 5.0)
      System.Threading.Tasks.Extensions (>= 4.5.4) - restriction: || (&& (== net5.0) (>= net461)) (&& (== net5.0) (< netcoreapp2.1) (< netstandard2.1)) (== netstandard2.0) (&& (== netstandard2.1) (>= net461))
    Microsoft.Extensions.DependencyInjection.Abstractions (5.0)
    Microsoft.Extensions.Logging (5.0)
      Microsoft.Extensions.DependencyInjection (>= 5.0)
      Microsoft.Extensions.DependencyInjection.Abstractions (>= 5.0)
      Microsoft.Extensions.Logging.Abstractions (>= 5.0)
      Microsoft.Extensions.Options (>= 5.0)
      System.Diagnostics.DiagnosticSource (>= 5.0) - restriction: || (&& (== net5.0) (>= net461)) (&& (== net5.0) (< netstandard2.1)) (== netstandard2.0) (== netstandard2.1)
    Microsoft.Extensions.Logging.Abstractions (5.0)
    Microsoft.Extensions.Options (5.0)
      Microsoft.Extensions.DependencyInjection.Abstractions (>= 5.0)
      Microsoft.Extensions.Primitives (>= 5.0)
    Microsoft.Extensions.Primitives (5.0.1)
      System.Buffers (>= 4.5.1) - restriction: || (&& (== net5.0) (>= monoandroid) (< netstandard2.0)) (&& (== net5.0) (>= monotouch)) (&& (== net5.0) (>= net461)) (&& (== net5.0) (< netcoreapp2.0)) (&& (== net5.0) (< netstandard2.0) (>= xamarintvos)) (&& (== net5.0) (< netstandard2.0) (>= xamarinwatchos)) (== netstandard2.0) (== netstandard2.1)
      System.Memory (>= 4.5.4) - restriction: || (&& (== net5.0) (>= net461)) (&& (== net5.0) (< netcoreapp2.0)) (&& (== net5.0) (< netcoreapp2.1)) (&& (== net5.0) (>= uap10.1)) (== netstandard2.0) (== netstandard2.1)
      System.Runtime.CompilerServices.Unsafe (>= 5.0) - restriction: || (&& (== net5.0) (>= monoandroid) (< netstandard2.0)) (&& (== net5.0) (>= monotouch)) (&& (== net5.0) (>= net461)) (&& (== net5.0) (< netcoreapp2.0)) (&& (== net5.0) (< netcoreapp2.1)) (&& (== net5.0) (< netcoreapp3.0)) (&& (== net5.0) (< netstandard2.0) (>= xamarintvos)) (&& (== net5.0) (< netstandard2.0) (>= xamarinwatchos)) (&& (== net5.0) (>= uap10.1)) (== netstandard2.0) (== netstandard2.1)
    Microsoft.NETCore.Platforms (5.0.2) - restriction: || (== net5.0) (&& (== netstandard2.0) (>= netcoreapp2.0)) (&& (== netstandard2.1) (>= netcoreapp2.0))
    Microsoft.Win32.Registry (5.0)
      System.Buffers (>= 4.5.1) - restriction: || (&& (== net5.0) (>= monoandroid) (< netstandard1.3)) (&& (== net5.0) (>= monotouch)) (&& (== net5.0) (< netcoreapp2.0)) (&& (== net5.0) (>= xamarinios)) (&& (== net5.0) (>= xamarinmac)) (&& (== net5.0) (>= xamarintvos)) (&& (== net5.0) (>= xamarinwatchos)) (== netstandard2.0) (== netstandard2.1)
      System.Memory (>= 4.5.4) - restriction: || (&& (== net5.0) (< netcoreapp2.0)) (&& (== net5.0) (< netcoreapp2.1)) (&& (== net5.0) (>= uap10.1)) (== netstandard2.0) (== netstandard2.1)
      System.Security.AccessControl (>= 5.0)
      System.Security.Principal.Windows (>= 5.0)
    Perfolizer (0.2.1)
      System.Memory (>= 4.5.3)
    System.Buffers (4.5.1)
    System.CodeDom (5.0)
    System.Collections.Immutable (5.0)
      System.Memory (>= 4.5.4) - restriction: || (&& (== net5.0) (>= net461)) (&& (== net5.0) (< netcoreapp2.1)) (&& (== net5.0) (< netstandard2.0)) (&& (== net5.0) (>= uap10.1)) (== netstandard2.0) (== netstandard2.1)
    System.Diagnostics.DiagnosticSource (5.0.1) - restriction: || (&& (== net5.0) (>= net461)) (&& (== net5.0) (< netstandard2.1)) (== netstandard2.0) (== netstandard2.1)
      System.Memory (>= 4.5.4) - restriction: || (&& (== net5.0) (>= net45) (< netstandard1.3)) (&& (== net5.0) (>= net46)) (&& (== net5.0) (< netcoreapp2.1)) (&& (== net5.0) (< netstandard2.0)) (&& (== net5.0) (>= uap10.1)) (== netstandard2.0) (== netstandard2.1)
      System.Runtime.CompilerServices.Unsafe (>= 5.0) - restriction: || (&& (== net5.0) (>= monoandroid) (< netstandard1.1)) (&& (== net5.0) (>= monotouch)) (&& (== net5.0) (>= net45) (< netstandard1.3)) (&& (== net5.0) (>= net46)) (&& (== net5.0) (< netcoreapp2.1)) (&& (== net5.0) (< netcoreapp3.0)) (&& (== net5.0) (< netstandard2.0)) (&& (== net5.0) (>= uap10.1)) (== netstandard2.0) (== netstandard2.1)
    System.Management (5.0)
      Microsoft.NETCore.Platforms (>= 5.0) - restriction: || (== net5.0) (&& (== netstandard2.0) (>= netcoreapp2.0)) (&& (== netstandard2.1) (>= netcoreapp2.0))
      Microsoft.Win32.Registry (>= 5.0) - restriction: || (== net5.0) (&& (== netstandard2.0) (>= netcoreapp2.0)) (&& (== netstandard2.1) (>= netcoreapp2.0))
      System.CodeDom (>= 5.0)
    System.Memory (4.5.4)
      System.Buffers (>= 4.5.1) - restriction: || (&& (== net5.0) (>= monotouch)) (&& (== net5.0) (>= net461)) (&& (== net5.0) (< netcoreapp2.0)) (&& (== net5.0) (< netstandard1.1)) (&& (== net5.0) (< netstandard2.0)) (&& (== net5.0) (>= xamarinios)) (&& (== net5.0) (>= xamarinmac)) (&& (== net5.0) (>= xamarintvos)) (&& (== net5.0) (>= xamarinwatchos)) (== netstandard2.0) (== netstandard2.1)
      System.Numerics.Vectors (>= 4.4) - restriction: || (&& (== net5.0) (< netcoreapp2.0)) (== netstandard2.0) (== netstandard2.1)
      System.Runtime.CompilerServices.Unsafe (>= 4.5.3) - restriction: || (&& (== net5.0) (>= monotouch)) (&& (== net5.0) (>= net461)) (&& (== net5.0) (< netcoreapp2.0)) (&& (== net5.0) (< netcoreapp2.1)) (&& (== net5.0) (< netstandard1.1)) (&& (== net5.0) (< netstandard2.0)) (&& (== net5.0) (>= uap10.1)) (&& (== net5.0) (>= xamarinios)) (&& (== net5.0) (>= xamarinmac)) (&& (== net5.0) (>= xamarintvos)) (&& (== net5.0) (>= xamarinwatchos)) (== netstandard2.0) (== netstandard2.1)
    System.Numerics.Vectors (4.5) - restriction: || (&& (== net5.0) (< netcoreapp2.0)) (== netstandard2.0) (== netstandard2.1)
    System.Reflection.Emit (4.7)
      System.Reflection.Emit.ILGeneration (>= 4.7) - restriction: || (&& (== net5.0) (< netcoreapp2.0) (< netstandard2.1)) (&& (== net5.0) (< netstandard1.1)) (&& (== net5.0) (< netstandard2.0)) (&& (== net5.0) (>= uap10.1)) (== netstandard2.0) (&& (== netstandard2.1) (< netstandard1.1)) (&& (== netstandard2.1) (< netstandard2.0)) (&& (== netstandard2.1) (>= uap10.1))
    System.Reflection.Emit.ILGeneration (4.7) - restriction: || (&& (== net5.0) (< netcoreapp2.0) (< netstandard2.1)) (&& (== net5.0) (< netstandard1.1)) (&& (== net5.0) (< netstandard2.0)) (&& (== net5.0) (>= uap10.1)) (== netstandard2.0) (&& (== netstandard2.1) (< netstandard1.1)) (&& (== netstandard2.1) (< netstandard2.0)) (&& (== netstandard2.1) (>= uap10.1))
    System.Reflection.Emit.Lightweight (4.7)
      System.Reflection.Emit.ILGeneration (>= 4.7) - restriction: || (&& (== net5.0) (< netcoreapp2.0) (< netstandard2.1)) (&& (== net5.0) (< netstandard2.0)) (&& (== net5.0) (< portable-net45+wp8)) (&& (== net5.0) (>= uap10.1)) (== netstandard2.0) (&& (== netstandard2.1) (< netstandard2.0)) (&& (== netstandard2.1) (< portable-net45+wp8)) (&& (== netstandard2.1) (>= uap10.1))
    System.Reflection.Metadata (5.0)
      System.Collections.Immutable (>= 5.0) - restriction: || (&& (== net5.0) (>= net461)) (&& (== net5.0) (< netstandard1.1)) (&& (== net5.0) (< netstandard2.0)) (== netstandard2.0) (== netstandard2.1)
    System.Runtime.CompilerServices.Unsafe (5.0)
    System.Security.AccessControl (5.0)
      Microsoft.NETCore.Platforms (>= 5.0) - restriction: || (== net5.0) (&& (== netstandard2.0) (>= netcoreapp2.0)) (&& (== netstandard2.1) (>= netcoreapp2.0))
      System.Security.Principal.Windows (>= 5.0)
    System.Security.Principal.Windows (5.0)
    System.Text.Encoding.CodePages (5.0)
      Microsoft.NETCore.Platforms (>= 5.0) - restriction: || (== net5.0) (&& (== netstandard2.0) (>= net5.0)) (&& (== netstandard2.0) (>= netcoreapp2.0)) (&& (== netstandard2.1) (>= net5.0)) (&& (== netstandard2.1) (>= netcoreapp2.0))
      System.Runtime.CompilerServices.Unsafe (>= 5.0) - restriction: || (&& (== net5.0) (>= net461)) (&& (== net5.0) (< netcoreapp2.0)) (== netstandard2.0) (== netstandard2.1)
    System.Threading.Tasks.Extensions (4.5.4)
      System.Runtime.CompilerServices.Unsafe (>= 4.5.3) - restriction: || (&& (== net5.0) (>= net461)) (&& (== net5.0) (< netcoreapp2.1)) (&& (== net5.0) (< netstandard1.0)) (&& (== net5.0) (< netstandard2.0)) (&& (== net5.0) (>= wp8)) (== netstandard2.0) (== netstandard2.1)
    System.ValueTuple (4.5)
    FsCheck (3.0.0-alpha5)
      FSharp.Core (>= 4.5)
    FsCheck.Xunit (3.0.0-alpha5)
      FsCheck (3.0.0-alpha5)
      xunit.extensibility.execution (>= 2.4.1 < 2.5)
    FSharp.Core (5.0.2)
    Microsoft.NETCore.Platforms (5.0.2)
    NETStandard.Library (2.0.3)
      Microsoft.NETCore.Platforms (>= 1.1)
    xunit (2.4.1)
      xunit.analyzers (>= 0.10)
      xunit.assert (2.4.1)
      xunit.core (2.4.1)
    xunit.abstractions (2.0.3)
    xunit.analyzers (0.10)
    xunit.assert (2.4.1)
      NETStandard.Library (>= 1.6.1)
    xunit.core (2.4.1)
      xunit.extensibility.core (2.4.1)
      xunit.extensibility.execution (2.4.1)
    xunit.extensibility.core (2.4.1)
      NETStandard.Library (>= 1.6.1)
      xunit.abstractions (>= 2.0.3)
    xunit.extensibility.execution (2.4.1)
      NETStandard.Library (>= 1.6.1)
      xunit.extensibility.core (2.4.1)
